GEM
  remote: https://rubygems.org/
  specs:
    ast (2.4.2)
    erubi (1.13.0)
    json (2.7.5)
    language_server-protocol (3.17.0.3)
    netrc (0.11.0)
    parallel (1.26.3)
    parser (3.3.5.1)
      ast (~> 2.4.1)
      racc
    prism (1.2.0)
    racc (1.8.1)
    rainbow (3.1.1)
    rbi (0.2.1)
      prism (~> 1.0)
      sorbet-runtime (>= 0.5.9204)
    regexp_parser (2.9.2)
    rubocop (1.68.0)
      json (~> 2.3)
      language_server-protocol (>= 3.17.0)
      parallel (~> 1.10)
      parser (>= 3.3.0.2)
      rainbow (>= 2.2.2, < 4.0)
      regexp_parser (>= 2.4, < 3.0)
      rubocop-ast (>= 1.32.2, < 2.0)
      ruby-progressbar (~> 1.7)
      unicode-display_width (>= 2.4.0, < 3.0)
    rubocop-ast (1.33.1)
      parser (>= 3.3.1.0)
    rubocop-shopify (2.15.1)
      rubocop (~> 1.51)
    ruby-progressbar (1.13.0)
    sorbet (0.5.11618)
      sorbet-static (= 0.5.11618)
    sorbet-runtime (0.5.11618)
    sorbet-static (0.5.11618-aarch64-linux)
    sorbet-static (0.5.11618-universal-darwin)
    sorbet-static (0.5.11618-x86_64-linux)
    sorbet-static-and-runtime (0.5.11618)
      sorbet (= 0.5.11618)
      sorbet-runtime (= 0.5.11618)
    spoom (1.5.0)
      erubi (>= 1.10.0)
      prism (>= 0.28.0)
      sorbet-static-and-runtime (>= 0.5.10187)
      thor (>= 0.19.2)
    tapioca (0.16.3)
      bundler (>= 2.2.25)
      netrc (>= 0.11.0)
      parallel (>= 1.21.0)
      rbi (~> 0.2)
      sorbet-static-and-runtime (>= 0.5.11087)
      spoom (>= 1.2.0)
      thor (>= 1.2.0)
      yard-sorbet
    thor (1.3.2)
    unicode-display_width (2.6.0)
    yard (0.9.37)
    yard-sorbet (0.9.0)
      sorbet-runtime
      yard

PLATFORMS
  aarch64-linux
  universal-darwin
  x86_64-linux

DEPENDENCIES
  rubocop-shopify
  sorbet
  sorbet-runtime
  tapioca

BUNDLED WITH
   2.5.16
